PATH
  remote: .
  specs:
    doing (0.2.5pre)
      chronic (~> 0.10, >= 0.10.2)
      gli (= 2.9.0)
      haml (= 4.0.3)

GEM
  remote: https://rubygems.org/
  specs:
    aruba (0.5.4)
      childprocess (>= 0.3.6)
      cucumber (>= 1.1.1)
      rspec-expectations (>= 2.7.0)
    builder (3.2.2)
    childprocess (0.5.1)
      ffi (~> 1.0, >= 1.0.11)
    chronic (0.10.2)
    cucumber (1.3.12)
      builder (>= 2.1.2)
      diff-lcs (>= 1.1.3)
      gherkin (~> 2.12)
      multi_json (>= 1.7.5, < 2.0)
      multi_test (>= 0.1.1)
    diff-lcs (1.2.5)
    ffi (1.9.3)
    gherkin (2.12.2)
      multi_json (~> 1.3)
    gli (2.9.0)
    haml (4.0.3)
      tilt
    json (1.8.1)
    multi_json (1.9.0)
    multi_test (0.1.1)
    rake (0.9.6)
    rdoc (4.1.1)
      json (~> 1.4)
    rspec-expectations (2.14.5)
      diff-lcs (>= 1.1.3, < 2.0)
    tilt (2.0.1)

PLATFORMS
  ruby

DEPENDENCIES
  aruba (~> 0)
  doing!
  rake (~> 0)
  rdoc (~> 4.1, >= 4.1.1)
